GEM
  remote: http://rubygems.org/
  specs:
    nokogiri (1.5.3)
    thor (0.15.2)

PLATFORMS
  ruby

DEPENDENCIES
  nokogiri
  thor
